GEM
  remote: https://rubygems.org/
  specs:
    mini_magick (4.9.4)
    optimist (3.0.0)

PLATFORMS
  x64-mingw32

DEPENDENCIES
  mini_magick
  optimist

BUNDLED WITH
   2.0.2
